PATH
  remote: .
  specs:
    code2gist (0.0.1)

GEM
  specs:

PLATFORMS
  ruby

DEPENDENCIES
  code2gist!
